GEM
  remote: https://rubygems.org/
  specs:
    colorize (0.7.5)
    json (2.3.0)

PLATFORMS
  ruby

DEPENDENCIES
  colorize (~> 0.7.5)
  json (~> 2.3.0)
